GEM
  remote: http://rubygems.org/
  remote: http://gems.github.com/
  specs:
    actionmailer (2.3.3)
      actionpack (= 2.3.3)
    actionpack (2.3.3)
      activesupport (= 2.3.3)
      rack (~> 1.0.0)
    activerecord (2.3.3)
      activesupport (= 2.3.3)
    activeresource (2.3.3)
      activesupport (= 2.3.3)
    activesupport (2.3.3)
    friendly_id (2.2.2)
      activerecord (>= 2.2.3)
      activesupport (>= 2.2.3)
    geokit (1.5.0)
    haml (2.0.9)
    machinist (1.0.6)
    mattfawcett-phpbb-auth (0.1.1)
    mysql (2.8.1)
    paperclip (2.3.1.1)
    rack (1.0.1)
    rack-rewrite (0.1.3)
    rails (2.3.3)
      actionmailer (= 2.3.3)
      actionpack (= 2.3.3)
      activerecord (= 2.3.3)
      activeresource (= 2.3.3)
      activesupport (= 2.3.3)
      rake (>= 0.8.3)
    rake (0.8.7)
    rspec (1.2.6)
    rspec-rails (1.2.6)
      rack (>= 0.4.0)
      rspec (= 1.2.6)
    shoulda (2.11.3)
    thinking-sphinx (1.3.2)
      activerecord (>= 1.15.6)
    will_paginate (2.3.15)

PLATFORMS
  ruby

DEPENDENCIES
  friendly_id (= 2.2.2)
  geokit (= 1.5.0)
  haml (= 2.0.9)
  machinist
  mattfawcett-phpbb-auth
  mysql
  paperclip (= 2.3.1.1)
  rack-rewrite (~> 0.1.2)
  rails (= 2.3.3)
  rspec (= 1.2.6)
  rspec-rails (= 1.2.6)
  shoulda
  thinking-sphinx (= 1.3.2)
  will_paginate
