GEM
  remote: http://rubygems.org/
  remote: http://gems.github.com/
  specs:
    actionmailer (2.3.3)
      actionpack (= 2.3.3)
    actionpack (2.3.3)
      activesupport (= 2.3.3)
      rack (~> 1.0.0)
    activerecord (2.3.3)
      activesupport (= 2.3.3)
    activeresource (2.3.3)
      activesupport (= 2.3.3)
    activesupport (2.3.3)
    builder (2.1.2)
    crack (0.1.8)
    cucumber (0.3.11)
      builder (>= 2.1.2)
      diff-lcs (>= 1.1.2)
      polyglot (>= 0.2.5)
      term-ansicolor (>= 1.0.3)
      treetop (>= 1.2.5)
    diff-lcs (1.1.2)
    friendly_id (2.2.2)
      activerecord (>= 2.2.3)
      activesupport (>= 2.2.3)
    geokit (1.5.0)
    haml (2.0.9)
    hashie (0.4.0)
    hpricot (0.8.2)
    httparty (0.6.1)
      crack (= 0.1.8)
    machinist (1.0.6)
    mattfawcett-phpbb-auth (0.1.1)
    mechanize (1.0.0)
      nokogiri (>= 1.2.1)
    multi_json (0.0.4)
    mysql (2.8.1)
    nokogiri (1.4.3.1)
    oauth (0.4.3)
    paperclip (2.3.1.1)
    polyglot (0.3.1)
    rack (1.0.1)
    rack-rewrite (0.1.3)
    rails (2.3.3)
      actionmailer (= 2.3.3)
      actionpack (= 2.3.3)
      activerecord (= 2.3.3)
      activeresource (= 2.3.3)
      activesupport (= 2.3.3)
      rake (>= 0.8.3)
    rake (0.8.7)
    rspec (1.2.6)
    rspec-rails (1.2.6)
      rack (>= 0.4.0)
      rspec (= 1.2.6)
    shoulda (2.11.3)
    term-ansicolor (1.0.5)
    thinking-sphinx (1.3.2)
      activerecord (>= 1.15.6)
    treetop (1.4.8)
      polyglot (>= 0.3.1)
    twitter (0.9.12)
      hashie (~> 0.4.0)
      httparty (~> 0.6.1)
      multi_json (~> 0.0.4)
      oauth (~> 0.4.3)
    webrat (0.4.4)
      nokogiri (>= 1.2.0)
    will_paginate (2.3.15)

PLATFORMS
  ruby

DEPENDENCIES
  cucumber (= 0.3.11)
  friendly_id (= 2.2.2)
  geokit (= 1.5.0)
  haml (= 2.0.9)
  hpricot
  machinist
  mattfawcett-phpbb-auth
  mechanize
  mysql
  paperclip (= 2.3.1.1)
  rack-rewrite (~> 0.1.2)
  rails (= 2.3.3)
  rspec (= 1.2.6)
  rspec-rails (= 1.2.6)
  shoulda
  thinking-sphinx (= 1.3.2)
  twitter
  webrat (= 0.4.4)
  will_paginate
